PATH
  remote: .
  specs:
    infusionsoft (2.0.0)
      retriable

GEM
  remote: https://rubygems.org/
  specs:
    activesupport (3.2.18)
      i18n (~> 0.6, >= 0.6.4)
      multi_json (~> 1.0)
    byebug (2.7.0)
      columnize (~> 0.3)
      debugger-linecache (~> 1.2)
    columnize (0.8.9)
    debugger-linecache (1.2.0)
    diff-lcs (1.2.5)
    i18n (0.6.9)
    multi_json (1.10.1)
    rake (10.3.2)
    retriable (1.4.1)
    rspec (2.99.0)
      rspec-core (~> 2.99.0)
      rspec-expectations (~> 2.99.0)
      rspec-mocks (~> 2.99.0)
    rspec-core (2.99.0)
    rspec-expectations (2.99.0)
      diff-lcs (>= 1.1.3, < 2.0)
    rspec-instafail (0.2.4)
    rspec-mocks (2.99.0)

PLATFORMS
  ruby

DEPENDENCIES
  activesupport (< 4.0)
  bundler (~> 1.5)
  byebug (~> 2.7)
  infusionsoft!
  rake (~> 10.1)
  rspec (~> 2.14)
  rspec-instafail (~> 0.2)
